GEM
  remote: https://rubygems.org/
  specs:
    byebug (9.1.0)
    minitest (5.11.1)
    rake (12.3.0)

PLATFORMS
  ruby

DEPENDENCIES
  byebug
  minitest
  rake

BUNDLED WITH
   1.16.1
